GEM
  remote: https://rubygems.org/
  specs:
    base-api-io (0.1.1)
      faraday (~> 0.15.4)
    faraday (0.15.4)
      multipart-post (>= 1.2, < 3)
    multipart-post (2.1.1)
    mustermann (1.0.3)
    rack (2.0.7)
    rack-protection (2.0.5)
      rack
    sinatra (2.0.5)
      mustermann (~> 1.0)
      rack (~> 2.0)
      rack-protection (= 2.0.5)
      tilt (~> 2.0)
    tilt (2.0.9)

PLATFORMS
  ruby

DEPENDENCIES
  base-api-io (~> 0.1.1)
  sinatra (~> 2.0)

BUNDLED WITH
   1.17.2
